NUGET
  remote: ..\Common\Nuget\packages\
    SubrealTeam.Common (1.0.1.3)
