NUGET
  remote: c:\Work\Subreal-Team.com\Windows.Utility\Common\Nuget\packages\
    SubrealTeam.Common (1.0.1.0)
