NUGET
  remote: https://api.nuget.org/v3/index.json
    SubrealTeam.Common (1.0.2.1)
