NUGET
  remote: c:\Work\Subreal-Team.com\Windows.Utility\Common\Nuget\packages\
    SubrealTeam.Windows.Common (1.0.0.0)
